PATH
  remote: .
  specs:
    motion-giphy (1.0)
      bubble-wrap

GEM
  remote: https://rubygems.org/
  specs:
    bubble-wrap (1.4.0)
    rake (10.1.0)

PLATFORMS
  ruby

DEPENDENCIES
  motion-giphy!
  rake
